NUGET
  remote: https://nuget.org/api/v2
    FSharp.Core (4.0.0.1)
    Newtonsoft.Json (7.0.1)
    UnionArgParser (0.6.3)
GITHUB
  remote: forki/FsUnit
    FsUnit.fs (81d27fd09575a32c4ed52eadb2eeac5f365b8348)
  remote: fsharp/FAKE
    src/app/FakeLib/Globbing/Globbing.fs (991bea743c5d5e8eec0defc7338a89281ed3f51a)
  remote: fsprojects/Chessie
    src/Chessie/ErrorHandling.fs (1f23b1caeb1f87e750abc96a25109376771dd090)

GROUP Build
NUGET
  remote: https://nuget.org/api/v2
    FAKE (4.3.1)
    FSharp.Compiler.Service (1.4.0.1)
    FSharp.Core (4.0.0.0)
    FSharp.Formatting (2.10.0)
      FSharp.Compiler.Service (>= 0.0.87)
      FSharpVSPowerTools.Core (1.8.0)
      FSharp.Core (4.0.0.0)
    FSharpVSPowerTools.Core (1.8.0)
      FSharp.Compiler.Service (>= 0.0.87)
    ILRepack (2.0.5)
    Microsoft.Bcl (1.1.10)
      Microsoft.Bcl.Build (>= 1.0.14)
    Microsoft.Bcl.Build (1.0.21)
    Microsoft.Net.Http (2.2.29)
      Microsoft.Bcl (>= 1.1.10)
      Microsoft.Bcl.Build (>= 1.0.14)
    Octokit (0.14.0)
      Microsoft.Net.Http
GITHUB
  remote: fsharp/FAKE
    modules/Octokit/Octokit.fsx (991bea743c5d5e8eec0defc7338a89281ed3f51a)
      Octokit

GROUP Test
NUGET
  remote: https://nuget.org/api/v2
    NUnit (2.6.4)
    NUnit.Runners (2.6.4)
